PATH
  remote: .
  specs:
    omniauth-positionly (0.1.0)
      omniauth-oauth2 (~> 1.1)

GEM
  remote: http://rubygems.org/
  specs:
    diff-lcs (1.1.3)
    faraday (0.8.7)
      multipart-post (~> 1.1)
    hashie (2.0.4)
    httpauth (0.2.0)
    jwt (0.1.8)
      multi_json (>= 1.5)
    multi_json (1.7.6)
    multipart-post (1.2.0)
    oauth2 (0.8.1)
      faraday (~> 0.8)
      httpauth (~> 0.1)
      jwt (~> 0.1.4)
      multi_json (~> 1.0)
      rack (~> 1.2)
    omniauth (1.1.4)
      hashie (>= 1.2, < 3)
      rack
    omniauth-oauth2 (1.1.1)
      oauth2 (~> 0.8.0)
      omniauth (~> 1.0)
    rack (1.5.2)
    rake (10.0.3)
    rspec (2.12.0)
      rspec-core (~> 2.12.0)
      rspec-expectations (~> 2.12.0)
      rspec-mocks (~> 2.12.0)
    rspec-core (2.12.2)
    rspec-expectations (2.12.1)
      diff-lcs (~> 1.1.3)
    rspec-mocks (2.12.2)

PLATFORMS
  ruby

DEPENDENCIES
  omniauth-positionly!
  rake
  rspec
